GIT
  remote: https://github.com/maestrodev/puppet-blacksmith.git
  revision: 6764a64c41274eec38fb34260dcba6881393259d
  specs:
    puppet-blacksmith (2.0.2)
      nokogiri
      puppet (>= 2.7.16)
      rest-client

GIT
  remote: https://github.com/mmz-srf/hiera-puppet-helper.git
  revision: 6f43f7a0cdba69161b70ee61f525a8579ac5069b
  specs:
    hiera-puppet-helper (2.0.1)

GIT
  remote: https://github.com/rodjek/rspec-puppet.git
  revision: 03e94422fb9bbdd950d5a0bec6ead5d76e06616b
  specs:
    rspec-puppet (1.0.1)
      rspec

GEM
  remote: https://rubygems.org/
  specs:
    builder (3.2.2)
    diff-lcs (1.2.5)
    excon (0.32.1)
    facter (1.7.5)
    fog (1.21.0)
      fog-brightbox
      fog-core (~> 1.21, >= 1.21.1)
      fog-json
      nokogiri (~> 1.5, >= 1.5.11)
    fog-brightbox (0.0.1)
      fog-core
      fog-json
    fog-core (1.21.1)
      builder
      excon (~> 0.32)
      formatador (~> 0.2.0)
      mime-types
      net-scp (~> 1.1)
      net-ssh (>= 2.1.3)
    fog-json (1.0.0)
      multi_json (~> 1.0)
    formatador (0.2.4)
    hiera (1.3.2)
      json_pure
    highline (1.6.21)
    json (1.8.1)
    json_pure (1.8.1)
    kwalify (0.7.2)
    librarian (0.1.2)
      highline
      thor (~> 0.15)
    librarian-puppet (1.0.0)
      json
      librarian (>= 0.1.2)
    metaclass (0.0.4)
    mime-types (1.25.1)
    mocha (1.0.0)
      metaclass (~> 0.0.1)
    multi_json (1.9.2)
    net-scp (1.1.2)
      net-ssh (>= 2.6.5)
    net-ssh (2.8.0)
    nokogiri (1.5.11)
    puppet (3.4.3)
      facter (~> 1.6)
      hiera (~> 1.0)
      rgen (~> 0.6.5)
    puppet-lint (0.3.2)
    puppetlabs_spec_helper (0.4.1)
      mocha (>= 0.10.5)
      rake
      rspec (>= 2.9.0)
      rspec-puppet (>= 0.1.1)
    rake (10.2.2)
    rbvmomi (1.8.1)
      builder
      nokogiri (>= 1.4.1)
      trollop
    rest-client (1.6.7)
      mime-types (>= 1.16)
    rgen (0.6.6)
    rspec (2.14.1)
      rspec-core (~> 2.14.0)
      rspec-expectations (~> 2.14.0)
      rspec-mocks (~> 2.14.0)
    rspec-core (2.14.8)
    rspec-expectations (2.14.5)
      diff-lcs (>= 1.1.3, < 2.0)
    rspec-mocks (2.14.6)
    rspec-system (2.8.0)
      fog (~> 1.18)
      kwalify (~> 0.7.2)
      mime-types (~> 1.16)
      net-scp (~> 1.1)
      net-ssh (~> 2.7)
      nokogiri (~> 1.5.10)
      rbvmomi (~> 1.6)
      rspec (~> 2.14)
      systemu (~> 2.5)
    rspec-system-puppet (2.2.1)
      rspec-system (~> 2.0)
    rspec-system-serverspec (2.0.1)
      rspec-system (~> 2.0)
      serverspec (~> 0.0)
      specinfra (~> 0.0)
    serverspec (0.16.0)
      highline
      net-ssh
      rspec (~> 2.13)
      specinfra (>= 0.7.1)
    specinfra (0.8.0)
    systemu (2.6.4)
    thor (0.19.1)
    trollop (2.0)

PLATFORMS
  ruby

DEPENDENCIES
  hiera-puppet-helper!
  librarian-puppet (>= 0.9.10)
  puppet (>= 2.7.0)
  puppet-blacksmith!
  puppet-lint (>= 0.3.2)
  puppetlabs_spec_helper (>= 0.2.0)
  rake (>= 0.9.2.2)
  rspec-puppet!
  rspec-system-puppet
  rspec-system-serverspec
  serverspec
